GEM
  remote: https://rubygems.org/
  specs:
    activemodel (4.2.6)
      activesupport (= 4.2.6)
      builder (~> 3.1)
    activesupport (4.2.6)
      i18n (~> 0.7)
      json (~> 1.7, >= 1.7.7)
      minitest (~> 5.1)
      thread_safe (~> 0.3, >= 0.3.4)
      tzinfo (~> 1.1)
    bidu-core_ext (1.2.3)
      activesupport
    builder (3.2.3)
    concern_builder (0.0.2)
      activesupport
    danica (2.0.1)
      activemodel
      activesupport
      bidu-core_ext
      concern_builder
    i18n (0.7.0)
    json (1.8.6)
    minitest (5.9.0)
    rake (11.2.2)
    safe_attribute_assignment (0.0.3)
      activesupport
    thread_safe (0.3.5)
    tzinfo (1.2.2)
      thread_safe (~> 0.1)

PLATFORMS
  ruby

DEPENDENCIES
  activesupport
  danica
  rake
  safe_attribute_assignment

BUNDLED WITH
   1.15.3
