GEM
  remote: https://rubygems.org/
  specs:
    activesupport (5.1.4)
      concurrent-ruby (~> 1.0, >= 1.0.2)
      i18n (~> 0.7)
      minitest (~> 5.1)
      tzinfo (~> 1.1)
    concurrent-ruby (1.0.5)
    danica (2.6.2)
      activesupport (~> 5.1.4)
      darthjee-core_ext (~> 1.5.0)
    darthjee-core_ext (1.5.2)
      activesupport (~> 5.1.1)
    i18n (0.9.1)
      concurrent-ruby (~> 1.0)
    minitest (5.11.1)
    rake (11.2.2)
    recursive-open-struct (1.0.5)
    safe_attribute_assignment (0.0.3)
      activesupport
    thread_safe (0.3.6)
    tzinfo (1.2.4)
      thread_safe (~> 0.1)

PLATFORMS
  ruby

DEPENDENCIES
  activesupport
  danica
  rake
  recursive-open-struct
  safe_attribute_assignment

BUNDLED WITH
   1.15.3
